GEM
  remote: https://rubygems.org/
  specs:
    actioncable (7.2.1.2)
      actionpack (= 7.2.1.2)
      activesupport (= 7.2.1.2)
      nio4r (~> 2.0)
      websocket-driver (>= 0.6.1)
      zeitwerk (~> 2.6)
    actionmailbox (7.2.1.2)
      actionpack (= 7.2.1.2)
      activejob (= 7.2.1.2)
      activerecord (= 7.2.1.2)
      activestorage (= 7.2.1.2)
      activesupport (= 7.2.1.2)
      mail (>= 2.8.0)
    actionmailer (7.2.1.2)
      actionpack (= 7.2.1.2)
      actionview (= 7.2.1.2)
      activejob (= 7.2.1.2)
      activesupport (= 7.2.1.2)
      mail (>= 2.8.0)
      rails-dom-testing (~> 2.2)
    actionpack (7.2.1.2)
      actionview (= 7.2.1.2)
      activesupport (= 7.2.1.2)
      nokogiri (>= 1.8.5)
      racc
      rack (>= 2.2.4, < 3.2)
      rack-session (>= 1.0.1)
      rack-test (>= 0.6.3)
      rails-dom-testing (~> 2.2)
      rails-html-sanitizer (~> 1.6)
      useragent (~> 0.16)
    actiontext (7.2.1.2)
      actionpack (= 7.2.1.2)
      activerecord (= 7.2.1.2)
      activestorage (= 7.2.1.2)
      activesupport (= 7.2.1.2)
      globalid (>= 0.6.0)
      nokogiri (>= 1.8.5)
    actionview (7.2.1.2)
      activesupport (= 7.2.1.2)
      builder (~> 3.1)
      erubi (~> 1.11)
      rails-dom-testing (~> 2.2)
      rails-html-sanitizer (~> 1.6)
    activejob (7.2.1.2)
      activesupport (= 7.2.1.2)
      globalid (>= 0.3.6)
    activemodel (7.2.1.2)
      activesupport (= 7.2.1.2)
    activerecord (7.2.1.2)
      activemodel (= 7.2.1.2)
      activesupport (= 7.2.1.2)
      timeout (>= 0.4.0)
    activestorage (7.2.1.2)
      actionpack (= 7.2.1.2)
      activejob (= 7.2.1.2)
      activerecord (= 7.2.1.2)
      activesupport (= 7.2.1.2)
      marcel (~> 1.0)
    activesupport (7.2.1.2)
      base64
      bigdecimal
      concurrent-ruby (~> 1.0, >= 1.3.1)
      connection_pool (>= 2.2.5)
      drb
      i18n (>= 1.6, < 2)
      logger (>= 1.4.2)
      minitest (>= 5.1)
      securerandom (>= 0.3)
      tzinfo (~> 2.0, >= 2.0.5)
    addressable (2.8.6)
      public_suffix (>= 2.0.2, < 6.0)
    ast (2.4.2)
    base64 (0.2.0)
    bigdecimal (3.1.8)
    bindex (0.8.1)
    bootsnap (1.18.4)
      msgpack (~> 1.2)
    brakeman (6.2.2)
      racc
    builder (3.3.0)
    capybara (3.40.0)
      addressable
      matrix
      mini_mime (>= 0.1.3)
      nokogiri (~> 1.11)
      rack (>= 1.6.0)
      rack-test (>= 0.6.3)
      regexp_parser (>= 1.5, < 3.0)
      xpath (~> 3.2)
    concurrent-ruby (1.3.4)
    connection_pool (2.4.1)
    crass (1.0.6)
    cssbundling-rails (1.4.1)
      railties (>= 6.0.0)
    csv (3.3.0)
    date (3.3.4)
    drb (2.2.1)
    erubi (1.13.0)
    globalid (1.2.1)
      activesupport (>= 6.1)
    hiredis (0.6.3)
    honeybadger (5.26.1)
      logger
    httparty (0.22.0)
      csv
      mini_mime (>= 1.0.0)
      multi_xml (>= 0.5.2)
    i18n (1.14.6)
      concurrent-ruby (~> 1.0)
    io-console (0.7.2)
    irb (1.14.1)
      rdoc (>= 4.0.0)
      reline (>= 0.4.2)
    jsbundling-rails (1.3.1)
      railties (>= 6.0.0)
    json (2.8.2)
    language_server-protocol (3.17.0.3)
    lint_roller (1.1.0)
    logger (1.6.3)
    lograge (0.14.0)
      actionpack (>= 4)
      activesupport (>= 4)
      railties (>= 4)
      request_store (~> 1.0)
    loofah (2.23.1)
      crass (~> 1.0.2)
      nokogiri (>= 1.12.0)
    mail (2.8.1)
      mini_mime (>= 0.1.1)
      net-imap
      net-pop
      net-smtp
    marcel (1.0.4)
    matrix (0.4.2)
    method_source (1.1.0)
    mini_mime (1.1.5)
    minitest (5.25.4)
    msgpack (1.7.2)
    multi_xml (0.7.1)
      bigdecimal (~> 3.1)
    net-imap (0.5.0)
      date
      net-protocol
    net-pop (0.1.2)
      net-protocol
    net-protocol (0.2.2)
      timeout
    net-smtp (0.5.0)
      net-protocol
    newrelic_rpm (9.16.0)
    nio4r (2.7.4)
    nokogiri (1.16.8-aarch64-linux)
      racc (~> 1.4)
    nokogiri (1.16.8-arm64-darwin)
      racc (~> 1.4)
    nokogiri (1.16.8-x86_64-darwin)
      racc (~> 1.4)
    nokogiri (1.16.8-x86_64-linux)
      racc (~> 1.4)
    parallel (1.26.3)
    parser (3.3.6.0)
      ast (~> 2.4.1)
      racc
    pg (1.5.9)
    propshaft (1.1.0)
      actionpack (>= 7.0.0)
      activesupport (>= 7.0.0)
      rack
      railties (>= 7.0.0)
    psych (5.1.2)
      stringio
    public_suffix (5.0.4)
    puma (6.5.0)
      nio4r (~> 2.0)
    racc (1.8.1)
    rack (3.1.8)
    rack-mini-profiler (3.3.1)
      rack (>= 1.2.0)
    rack-session (2.0.0)
      rack (>= 3.0.0)
    rack-test (2.1.0)
      rack (>= 1.3)
    rackup (2.1.0)
      rack (>= 3)
      webrick (~> 1.8)
    rails (7.2.1.2)
      actioncable (= 7.2.1.2)
      actionmailbox (= 7.2.1.2)
      actionmailer (= 7.2.1.2)
      actionpack (= 7.2.1.2)
      actiontext (= 7.2.1.2)
      actionview (= 7.2.1.2)
      activejob (= 7.2.1.2)
      activemodel (= 7.2.1.2)
      activerecord (= 7.2.1.2)
      activestorage (= 7.2.1.2)
      activesupport (= 7.2.1.2)
      bundler (>= 1.15.0)
      railties (= 7.2.1.2)
    rails-dom-testing (2.2.0)
      activesupport (>= 5.0.0)
      minitest
      nokogiri (>= 1.6)
    rails-html-sanitizer (1.6.0)
      loofah (~> 2.21)
      nokogiri (~> 1.14)
    rails-i18n (7.0.10)
      i18n (>= 0.7, < 2)
      railties (>= 6.0.0, < 8)
    railties (7.2.1.2)
      actionpack (= 7.2.1.2)
      activesupport (= 7.2.1.2)
      irb (~> 1.13)
      rackup (>= 1.0.0)
      rake (>= 12.2)
      thor (~> 1.0, >= 1.2.2)
      zeitwerk (~> 2.6)
    rainbow (3.1.1)
    rake (13.2.1)
    rapidjson (0.4.0)
    rdoc (6.7.0)
      psych (>= 4.0.0)
    redis (5.3.0)
      redis-client (>= 0.22.0)
    redis-client (0.22.2)
      connection_pool
    regexp_parser (2.9.2)
    reline (0.5.10)
      io-console (~> 0.5)
    request_store (1.6.0)
      rack (>= 1.4)
    rubocop (1.68.0)
      json (~> 2.3)
      language_server-protocol (>= 3.17.0)
      parallel (~> 1.10)
      parser (>= 3.3.0.2)
      rainbow (>= 2.2.2, < 4.0)
      regexp_parser (>= 2.4, < 3.0)
      rubocop-ast (>= 1.32.2, < 2.0)
      ruby-progressbar (~> 1.7)
      unicode-display_width (>= 2.4.0, < 3.0)
    rubocop-ast (1.36.1)
      parser (>= 3.3.1.0)
    rubocop-performance (1.22.1)
      rubocop (>= 1.48.1, < 2.0)
      rubocop-ast (>= 1.31.1, < 2.0)
    rubocop-rails (2.27.0)
      activesupport (>= 4.2.0)
      rack (>= 1.1)
      rubocop (>= 1.52.0, < 2.0)
      rubocop-ast (>= 1.31.1, < 2.0)
    ruby-limiter (2.3.0)
    ruby-progressbar (1.13.0)
    securerandom (0.3.1)
    sidekiq (7.3.6)
      connection_pool (>= 2.3.0)
      logger
      rack (>= 2.2.4)
      redis-client (>= 0.22.2)
    standard (1.42.1)
      language_server-protocol (~> 3.17.0.2)
      lint_roller (~> 1.0)
      rubocop (~> 1.68.0)
      standard-custom (~> 1.0.0)
      standard-performance (~> 1.5)
    standard-custom (1.0.2)
      lint_roller (~> 1.0)
      rubocop (~> 1.50)
    standard-performance (1.5.0)
      lint_roller (~> 1.1)
      rubocop-performance (~> 1.22.0)
    stimulus-rails (1.3.4)
      railties (>= 6.0.0)
    stringio (3.1.1)
    thor (1.3.2)
    timeout (0.4.1)
    truedl (1.0.0)
    turbo-rails (2.0.11)
      actionpack (>= 6.0.0)
      railties (>= 6.0.0)
    tzinfo (2.0.6)
      concurrent-ruby (~> 1.0)
    unicode-display_width (2.6.0)
    useragent (0.16.10)
    view_component (3.20.0)
      activesupport (>= 5.2.0, < 8.1)
      concurrent-ruby (~> 1.0)
      method_source (~> 1.0)
    web-console (4.2.1)
      actionview (>= 6.0.0)
      activemodel (>= 6.0.0)
      bindex (>= 0.4.0)
      railties (>= 6.0.0)
    webrick (1.8.2)
    websocket-driver (0.7.6)
      websocket-extensions (>= 0.1.0)
    websocket-extensions (0.1.5)
    xpath (3.2.0)
      nokogiri (~> 1.8)
    zeitwerk (2.7.1)

PLATFORMS
  aarch64-linux
  arm64-darwin
  x86_64-darwin
  x86_64-linux

DEPENDENCIES
  bootsnap (>= 1.4.4)
  brakeman
  capybara
  cssbundling-rails (~> 1.4)
  hiredis
  honeybadger (~> 5.26)
  httparty
  jsbundling-rails (~> 1.3)
  lograge
  minitest
  newrelic_rpm
  nokogiri (>= 1.13.6)
  pg (< 2)
  propshaft
  puma (< 7)
  rack (~> 3.1)
  rack-mini-profiler
  rack-session (~> 2.0)
  rails (~> 7.2)
  rails-i18n
  rapidjson
  redis
  rubocop
  rubocop-rails
  ruby-limiter
  sidekiq (~> 7.3)
  standard
  stimulus-rails
  truedl (~> 1.0.0)
  turbo-rails
  view_component
  web-console (>= 4.1.0)

BUNDLED WITH
   2.5.22
